GEM
  remote: https://rubygems.org/
  specs:
    activesupport (3.2.17)
      i18n (~> 0.6, >= 0.6.4)
      multi_json (~> 1.0)
    geo-distance (0.2.0)
      geo_point (~> 0.2.5)
      geo_units (~> 0.2.4.1)
    geo_calc (0.7.6)
      activesupport (>= 3.0.1)
      geo_units (~> 0.2.1)
      i18n
      require_all (~> 1.2.0)
      sugar-high (~> 0.4.6.3)
    geo_point (0.2.5)
      geo_calc (~> 0.7.5)
      geo_units (~> 0.2.1)
    geo_units (0.2.4.1)
      sugar-high (~> 0.4.6.2)
    http_router (0.11.1)
      rack (>= 1.0.0)
      url_mount (~> 0.2.1)
    httparty (0.9.0)
      multi_json (~> 1.0)
      multi_xml
    i18n (0.6.9)
    json (1.8.1)
    mail (2.5.4)
      mime-types (~> 1.16)
      treetop (~> 1.4.8)
    mime-types (1.25.1)
    multi_json (1.9.2)
    multi_xml (0.5.5)
    padrino (0.11.4)
      padrino-admin (= 0.11.4)
      padrino-cache (= 0.11.4)
      padrino-core (= 0.11.4)
      padrino-gen (= 0.11.4)
      padrino-helpers (= 0.11.4)
      padrino-mailer (= 0.11.4)
    padrino-admin (0.11.4)
      padrino-core (= 0.11.4)
      padrino-helpers (= 0.11.4)
    padrino-cache (0.11.4)
      padrino-core (= 0.11.4)
      padrino-helpers (= 0.11.4)
    padrino-core (0.11.4)
      activesupport (>= 3.1, < 4.0)
      http_router (~> 0.11.0)
      rack-protection (>= 1.5.0)
      sinatra (~> 1.4.2)
      thor (~> 0.17.0)
      tilt (~> 1.4.1)
    padrino-gen (0.11.4)
      bundler (~> 1.0)
      padrino-core (= 0.11.4)
    padrino-helpers (0.11.4)
      i18n (~> 0.6)
      padrino-core (= 0.11.4)
    padrino-mailer (0.11.4)
      mail (~> 2.5.3)
      padrino-core (= 0.11.4)
    polyglot (0.3.4)
    rack (1.5.2)
    rack-protection (1.5.3)
      rack
    rake (10.2.2)
    require_all (1.2.1)
    sinatra (1.4.5)
      rack (~> 1.4)
      rack-protection (~> 1.4)
      tilt (~> 1.3, >= 1.3.4)
    slim (2.0.2)
      temple (~> 0.6.6)
      tilt (>= 1.3.3, < 2.1)
    sugar-high (0.4.6.4)
    temple (0.6.7)
    thor (0.17.0)
    tilt (1.4.1)
    treetop (1.4.15)
      polyglot
      polyglot (>= 0.3.1)
    url_mount (0.2.1)
      rack

PLATFORMS
  ruby

DEPENDENCIES
  geo-distance (~> 0.2.0)
  httparty (= 0.9.0)
  json
  padrino (= 0.11.4)
  padrino-admin (= 0.11.4)
  padrino-cache (= 0.11.4)
  padrino-core (= 0.11.4)
  padrino-gen (= 0.11.4)
  padrino-helpers (= 0.11.4)
  padrino-mailer (= 0.11.4)
  rake
  slim
